GEM
  remote: https://rubygems.org/
  specs:
    backports (3.6.8)
    coffee-script (2.4.1)
      coffee-script-source
      execjs
    coffee-script-source (1.10.0)
    concurrent-ruby (1.0.2)
    configatron (4.5.0)
    ethon (0.9.1)
      ffi (>= 1.3.0)
    execjs (2.7.0)
    faraday (0.9.2)
      multipart-post (>= 1.2, < 3)
    faraday_middleware (0.10.0)
      faraday (>= 0.7.4, < 0.10)
    faraday_middleware-multi_json (0.0.6)
      faraday_middleware
      multi_json
    ffi (1.9.14)
    multi_json (1.12.1)
    multipart-post (2.0.0)
    oj (2.17.4)
    passenger (5.0.30)
      rack
      rake (>= 0.8.1)
    puma (3.6.0)
    rack (1.6.4)
    rack-cors (0.4.0)
    rack-protection (1.5.3)
      rack
    rack-test (0.6.3)
      rack (>= 1.0)
    rake (11.3.0)
    sass (3.4.22)
    sinatra (1.4.7)
      rack (~> 1.5)
      rack-protection (~> 1.4)
      tilt (>= 1.3, < 3)
    sinatra-asset-pipeline (1.0.1)
      coffee-script (~> 2.4)
      rake (~> 11.2)
      sass (~> 3.4)
      sinatra (~> 1.4)
      sprockets (~> 3.6)
      sprockets-helpers (~> 1.1)
    sinatra-contrib (1.4.7)
      backports (>= 2.0)
      multi_json
      rack-protection
      rack-test
      sinatra (~> 1.4.0)
      tilt (>= 1.3, < 3)
    sinatra-static-assets (1.0.4)
      sinatra (>= 1.1.0)
    slim (3.0.7)
      temple (~> 0.7.6)
      tilt (>= 1.3.3, < 2.1)
    sprockets (3.7.0)
      concurrent-ruby (~> 1.0)
      rack (> 1, < 3)
    sprockets-helpers (1.2.1)
      sprockets (>= 2.2)
    temple (0.7.7)
    thread (0.2.2)
    tilt (2.0.5)
    typhoeus (1.1.0)
      ethon (>= 0.9.0)
    yard (0.9.5)
    yard-sinatra (1.0.0)
      yard (~> 0.7)
    yui-compressor (0.12.0)

PLATFORMS
  ruby

DEPENDENCIES
  configatron
  faraday
  faraday_middleware-multi_json
  multi_json
  oj
  passenger
  puma
  rack
  rack-cors
  sass
  sinatra
  sinatra-asset-pipeline
  sinatra-contrib
  sinatra-static-assets
  slim
  thread
  typhoeus
  yard
  yard-sinatra
  yui-compressor

BUNDLED WITH
   1.13.1
